GEM
  remote: https://rubygems.org/
  specs:
    benchmark-ips (2.9.2)
    byebug (11.1.3)
    coderay (1.1.3)
    pdf-core (0.1.6)
    power_assert (2.0.1)
    prawn (0.15.0)
      pdf-core (~> 0.1.3)
      ttfunk (~> 1.1.0)
    test-unit (3.5.3)
      power_assert
    thor (0.20.3)
    tp (0.7.0)
      coderay (~> 1.0)
      prawn (~> 0.12)
      thor (~> 0.17)
    ttfunk (1.1.1)

PLATFORMS
  ruby

DEPENDENCIES
  benchmark-ips
  byebug
  test-unit
  tp

RUBY VERSION
   ruby 3.1.0p0

BUNDLED WITH
   2.1.4
